PATH
  remote: .
  specs:
    civic311_test3 (0.0.1)

GEM
  remote: https://rubygems.org/
  specs:
    rake (10.5.0)

PLATFORMS
  x86-mingw32

DEPENDENCIES
  bundler (~> 1.7)
  civic311_test3!
  rake (~> 10.0)
